GEM
  remote: https://rubygems.org/
  specs:
    Ascii85 (1.0.2)
    addressable (2.3.8)
    afm (0.2.2)
    asciidoctor (1.5.2)
    asciidoctor-pdf (1.5.0.alpha.9)
      asciidoctor (~> 1.5.0)
      prawn (>= 1.3.0, < 3.0.0)
      prawn-icon (= 0.6.4)
      prawn-svg (= 0.21.0)
      prawn-table (= 0.2.2)
      prawn-templates (= 0.0.3)
      safe_yaml (= 1.0.4)
      thread_safe (= 0.3.5)
      treetop (= 1.5.3)
    blankslate (2.1.2.4)
    classifier-reborn (2.0.3)
      fast-stemmer (~> 1.0)
    coderay (1.1.0)
    coffee-script (2.4.1)
      coffee-script-source
      execjs
    coffee-script-source (1.9.1.1)
    colorator (0.1)
    colored (1.2)
    css_parser (1.3.7)
      addressable
    ethon (0.8.0)
      ffi (>= 1.3.0)
    execjs (2.6.0)
    fast-stemmer (1.0.2)
    ffi (1.9.10)
    hashery (2.1.1)
    html-proofer (2.5.1)
      addressable (~> 2.3)
      colored (~> 1.2)
      mercenary (~> 0.3.2)
      nokogiri (~> 1.5)
      parallel (~> 1.3)
      typhoeus (~> 0.7)
      yell (~> 2.0)
    jekyll (2.4.0)
      classifier-reborn (~> 2.0)
      colorator (~> 0.1)
      jekyll-coffeescript (~> 1.0)
      jekyll-gist (~> 1.0)
      jekyll-paginate (~> 1.0)
      jekyll-sass-converter (~> 1.0)
      jekyll-watch (~> 1.1)
      kramdown (~> 1.3)
      liquid (~> 2.6.1)
      mercenary (~> 0.3.3)
      pygments.rb (~> 0.6.0)
      redcarpet (~> 3.1)
      safe_yaml (~> 1.0)
      toml (~> 0.1.0)
    jekyll-coffeescript (1.0.1)
      coffee-script (~> 2.2)
    jekyll-gist (1.3.4)
    jekyll-paginate (1.1.0)
    jekyll-sass-converter (1.3.0)
      sass (~> 3.2)
    jekyll-watch (1.3.0)
      listen (~> 3.0)
    kramdown (1.5.0)
    liquid (2.6.2)
    listen (3.0.3)
      rb-fsevent (>= 0.9.3)
      rb-inotify (>= 0.9)
    mercenary (0.3.5)
    mini_portile (0.6.2)
    nokogiri (1.6.6.2)
      mini_portile (~> 0.6.0)
    parallel (1.6.1)
    parslet (1.5.0)
      blankslate (~> 2.0)
    pdf-core (0.6.0)
    pdf-reader (1.3.3)
      Ascii85 (~> 1.0.0)
      afm (~> 0.2.0)
      hashery (~> 2.0)
      ruby-rc4
      ttfunk
    polyglot (0.3.5)
    posix-spawn (0.3.11)
    prawn (2.0.2)
      pdf-core (~> 0.6.0)
      ttfunk (~> 1.4.0)
    prawn-icon (0.6.4)
      prawn (>= 1.1.0, < 3.0.0)
    prawn-svg (0.21.0)
      css_parser (~> 1.3)
      prawn (>= 0.8.4, < 3)
    prawn-table (0.2.2)
      prawn (>= 1.3.0, < 3.0.0)
    prawn-templates (0.0.3)
      pdf-reader (~> 1.3)
      prawn (>= 0.15.0)
    pygments.rb (0.6.3)
      posix-spawn (~> 0.3.6)
      yajl-ruby (~> 1.2.0)
    rb-fsevent (0.9.6)
    rb-inotify (0.9.5)
      ffi (>= 0.5.0)
    redcarpet (3.3.2)
    ruby-rc4 (0.1.5)
    safe_yaml (1.0.4)
    sass (3.4.18)
    thread_safe (0.3.5)
    toml (0.1.2)
      parslet (~> 1.5.0)
    treetop (1.5.3)
      polyglot (~> 0.3)
    ttfunk (1.4.0)
    typhoeus (0.8.0)
      ethon (>= 0.8.0)
    yajl-ruby (1.2.1)
    yell (2.0.5)

PLATFORMS
  ruby

DEPENDENCIES
  asciidoctor-pdf
  coderay
  html-proofer
  jekyll
  pygments.rb

BUNDLED WITH
   1.10.6
